GEM
  remote: https://rubygems.org/
  specs:
    rack (1.6.4)
    rack-protection (1.5.3)
      rack
    sass (3.4.22)
    scss_beautifier (0.1.14)
      sass (~> 3.4)
    sinatra (1.4.7)
      rack (~> 1.5)
      rack-protection (~> 1.4)
      tilt (>= 1.3, < 3)
    tilt (2.0.5)

PLATFORMS
  ruby

DEPENDENCIES
  scss_beautifier
  sinatra

BUNDLED WITH
   1.12.5
